GEM
  remote: https://rubygems.org/
  specs:
    rack (2.2.4)

PLATFORMS
  arm64-darwin-21
  x86_64-linux

DEPENDENCIES
  rack

RUBY VERSION
   ruby 3.1.3p185

BUNDLED WITH
   2.3.26
