GEM
  remote: https://rubygems.org/
  specs:
    nio4r (2.7.4)
    puma (6.6.0)
      nio4r (~> 2.0)
    rack (2.2.4)

PLATFORMS
  arm64-darwin-21
  x86_64-linux

DEPENDENCIES
  puma
  rack

RUBY VERSION
   ruby 3.1.3p185

BUNDLED WITH
   2.3.26
